GEM
  remote: https://rubygems.org/
  specs:
    Ascii85 (1.1.1)
    MailchimpTransactional (1.0.59)
      excon (>= 0.76.0, < 1)
      json (~> 2.1, >= 2.1.0)
    actioncable (7.1.3)
      actionpack (= 7.1.3)
      activesupport (= 7.1.3)
      nio4r (~> 2.0)
      websocket-driver (>= 0.6.1)
      zeitwerk (~> 2.6)
    actionmailbox (7.1.3)
      actionpack (= 7.1.3)
      activejob (= 7.1.3)
      activerecord (= 7.1.3)
      activestorage (= 7.1.3)
      activesupport (= 7.1.3)
      mail (>= 2.7.1)
      net-imap
      net-pop
      net-smtp
    actionmailer (7.1.3)
      actionpack (= 7.1.3)
      actionview (= 7.1.3)
      activejob (= 7.1.3)
      activesupport (= 7.1.3)
      mail (~> 2.5, >= 2.5.4)
      net-imap
      net-pop
      net-smtp
      rails-dom-testing (~> 2.2)
    actionpack (7.1.3)
      actionview (= 7.1.3)
      activesupport (= 7.1.3)
      nokogiri (>= 1.8.5)
      racc
      rack (>= 2.2.4)
      rack-session (>= 1.0.1)
      rack-test (>= 0.6.3)
      rails-dom-testing (~> 2.2)
      rails-html-sanitizer (~> 1.6)
    actiontext (7.1.3)
      actionpack (= 7.1.3)
      activerecord (= 7.1.3)
      activestorage (= 7.1.3)
      activesupport (= 7.1.3)
      globalid (>= 0.6.0)
      nokogiri (>= 1.8.5)
    actionview (7.1.3)
      activesupport (= 7.1.3)
      builder (~> 3.1)
      erubi (~> 1.11)
      rails-dom-testing (~> 2.2)
      rails-html-sanitizer (~> 1.6)
    activejob (7.1.3)
      activesupport (= 7.1.3)
      globalid (>= 0.3.6)
    activemodel (7.1.3)
      activesupport (= 7.1.3)
    activerecord (7.1.3)
      activemodel (= 7.1.3)
      activesupport (= 7.1.3)
      timeout (>= 0.4.0)
    activestorage (7.1.3)
      actionpack (= 7.1.3)
      activejob (= 7.1.3)
      activerecord (= 7.1.3)
      activesupport (= 7.1.3)
      marcel (~> 1.0)
    activesupport (7.1.3)
      base64
      bigdecimal
      concurrent-ruby (~> 1.0, >= 1.0.2)
      connection_pool (>= 2.2.5)
      drb
      i18n (>= 1.6, < 2)
      minitest (>= 5.1)
      mutex_m
      tzinfo (~> 2.0)
    acts_as_paranoid (0.9.0)
      activerecord (>= 6.1, < 7.2)
      activesupport (>= 6.1, < 7.2)
    addressable (2.8.7)
      public_suffix (>= 2.0.2, < 7.0)
    aes-everywhere (1.2.5)
    afm (0.2.2)
    api-pagination (5.0.0)
    ast (2.4.2)
    barby (0.6.9)
    base64 (0.2.0)
    benchmark-ips (2.14.0)
    bigdecimal (3.2.3)
    bindex (0.8.1)
    bootsnap (1.18.3)
      msgpack (~> 1.2)
    bson (4.15.0)
    builder (3.3.0)
    byebug (11.1.3)
    capybara (3.40.0)
      addressable
      matrix
      mini_mime (>= 0.1.3)
      nokogiri (~> 1.11)
      rack (>= 1.6.0)
      rack-test (>= 0.6.3)
      regexp_parser (>= 1.5, < 3.0)
      xpath (~> 3.2)
    caxlsx (4.0.0)
      htmlentities (~> 4.3, >= 4.3.4)
      marcel (~> 1.0)
      nokogiri (~> 1.10, >= 1.10.4)
      rubyzip (>= 1.3.0, < 3)
    chunky_png (1.4.0)
    cmdparse (3.0.7)
    concurrent-ruby (1.3.4)
    connection_pool (2.5.0)
    crass (1.0.6)
    daemons (1.4.1)
    database_cleaner-active_record (2.1.0)
      activerecord (>= 5.a)
      database_cleaner-core (~> 2.0.0)
    database_cleaner-core (2.0.1)
    datadog (2.15.0)
      datadog-ruby_core_source (~> 3.4)
      libdatadog (~> 16.0.1.1.0)
      libddwaf (~> 1.22.0.0.2)
      logger
      msgpack
    datadog-ruby_core_source (3.4.1)
    date (3.3.4)
    dcidev_utility (0.0.6)
    delayed_job (4.1.11)
      activesupport (>= 3.0, < 8.0)
    delayed_job_active_record (4.1.8)
      activerecord (>= 3.0, < 8.0)
      delayed_job (>= 3.0, < 5)
    delayed_job_web (1.4.4)
      activerecord (> 3.0.0)
      delayed_job (> 2.0.3)
      rack-protection (>= 1.5.5)
      sinatra (>= 1.4.4)
    diff-lcs (1.5.1)
    digest-crc (0.6.5)
      rake (>= 12.0.0, < 14.0.0)
    distribute_reads (0.4.0)
      makara (>= 0.4)
    docile (1.4.0)
    domain_name (0.6.20240107)
    dotenv (3.0.1)
    dotenv-rails (3.0.1)
      dotenv (= 3.0.1)
      railties (>= 6.1)
    drb (2.2.1)
    dry-core (1.0.1)
      concurrent-ruby (~> 1.0)
      zeitwerk (~> 2.6)
    dry-inflector (1.1.0)
    dry-logic (1.5.0)
      concurrent-ruby (~> 1.0)
      dry-core (~> 1.0, < 2)
      zeitwerk (~> 2.6)
    dry-struct (1.6.0)
      dry-core (~> 1.0, < 2)
      dry-types (>= 1.7, < 2)
      ice_nine (~> 0.11)
      zeitwerk (~> 2.6)
    dry-types (1.7.2)
      bigdecimal (~> 3.0)
      concurrent-ruby (~> 1.0)
      dry-core (~> 1.0)
      dry-inflector (~> 1.0)
      dry-logic (~> 1.4)
      zeitwerk (~> 2.6)
    erubi (1.13.0)
    et-orbi (1.2.11)
      tzinfo
    excon (0.110.0)
    factory_bot (6.4.6)
      activesupport (>= 5.0.0)
    factory_bot_rails (6.4.3)
      factory_bot (~> 6.4)
      railties (>= 5.0.0)
    faraday (2.12.2)
      faraday-net_http (>= 2.0, < 3.5)
      json
      logger
    faraday-multipart (1.0.4)
      multipart-post (~> 2)
    faraday-net_http (3.4.0)
      net-http (>= 0.5.0)
    faraday-retry (2.2.1)
      faraday (~> 2.0)
    ffi (1.17.2)
    fugit (1.11.0)
      et-orbi (~> 1, >= 1.2.11)
      raabro (~> 1.4)
    gapic-common (0.23.0)
      faraday (>= 1.9, < 3.a)
      faraday-retry (>= 1.0, < 3.a)
      google-protobuf (>= 3.25, < 5.a)
      googleapis-common-protos (~> 1.6)
      googleapis-common-protos-types (~> 1.15)
      googleauth (~> 1.11)
      grpc (~> 1.65)
    geom2d (0.4.1)
    globalid (1.2.1)
      activesupport (>= 6.1)
    google-cloud-core (1.7.1)
      google-cloud-env (>= 1.0, < 3.a)
      google-cloud-errors (~> 1.0)
    google-cloud-env (2.2.1)
      faraday (>= 1.0, < 3.a)
    google-cloud-errors (1.4.0)
    google-cloud-firestore (2.16.0)
      bigdecimal (~> 3.0)
      concurrent-ruby (~> 1.0)
      google-cloud-core (~> 1.5)
      google-cloud-firestore-v1 (>= 0.10, < 2.a)
      rbtree (~> 0.4.2)
    google-cloud-firestore-v1 (1.1.1)
      gapic-common (>= 0.21.1, < 2.a)
      google-cloud-errors (~> 1.0)
      google-cloud-location (>= 0.7, < 2.a)
    google-cloud-location (0.8.1)
      gapic-common (>= 0.21.1, < 2.a)
      google-cloud-errors (~> 1.0)
    google-logging-utils (0.1.0)
    google-protobuf (4.32.1)
      bigdecimal
      rake (>= 13)
    googleapis-common-protos (1.6.0)
      google-protobuf (>= 3.18, < 5.a)
      googleapis-common-protos-types (~> 1.7)
      grpc (~> 1.41)
    googleapis-common-protos-types (1.21.0)
      google-protobuf (~> 4.26)
    googleauth (1.12.0)
      faraday (>= 1.0, < 3.a)
      google-cloud-env (~> 2.2)
      google-logging-utils (~> 0.1)
      jwt (>= 1.4, < 3.0)
      multi_json (~> 1.11)
      os (>= 0.9, < 2.0)
      signet (>= 0.16, < 2.a)
    grape (2.0.0)
      activesupport (>= 5)
      builder
      dry-types (>= 1.1)
      mustermann-grape (~> 1.0.0)
      rack (>= 1.3.0)
      rack-accept
    grape-entity (1.0.0)
      activesupport (>= 3.0.0)
      multi_json (>= 1.3.2)
    grape-middleware-logger (1.12.0)
      grape (>= 0.17)
    grape-swagger (2.0.2)
      grape (>= 1.7, < 3.0)
      rack-test (~> 2)
    grape-swagger-rails (0.4.0)
      railties (>= 6.0.6.1)
    grape_logging (1.8.4)
      grape
      rack
    grpc (1.75.0)
      google-protobuf (>= 3.25, < 5.0)
      googleapis-common-protos-types (~> 1.0)
    hashery (2.1.2)
    hashie (5.0.0)
    hashie-forbidden_attributes (0.1.1)
      hashie (>= 3.0)
    hexapdf (0.42.0)
      cmdparse (~> 3.0, >= 3.0.3)
      geom2d (~> 0.4, >= 0.4.1)
      openssl (>= 2.2.1)
    hiredis (0.6.3)
    hiredis-client (0.23.0)
      redis-client (= 0.23.0)
    htmlentities (4.3.4)
    http-accept (1.7.0)
    http-cookie (1.0.5)
      domain_name (~> 0.5)
    i18n (1.14.6)
      concurrent-ruby (~> 1.0)
    ice_nine (0.11.2)
    image_size (3.4.0)
    imgkit (1.6.3)
    io-console (0.7.2)
    irb (1.13.1)
      rdoc (>= 4.0.0)
      reline (>= 0.4.2)
    jbuilder (2.11.5)
      actionview (>= 5.0.0)
      activesupport (>= 5.0.0)
    json (2.9.0)
    jwt (2.9.3)
      base64
    kaminari (1.2.2)
      activesupport (>= 4.1.0)
      kaminari-actionview (= 1.2.2)
      kaminari-activerecord (= 1.2.2)
      kaminari-core (= 1.2.2)
    kaminari-actionview (1.2.2)
      actionview
      kaminari-core (= 1.2.2)
    kaminari-activerecord (1.2.2)
      activerecord
      kaminari-core (= 1.2.2)
    kaminari-core (1.2.2)
    kaminari-mongoid (1.0.2)
      kaminari-core (~> 1.0)
      mongoid
    king_konf (1.0.1)
    language_server-protocol (3.17.0.3)
    libdatadog (16.0.1.1.0)
    libddwaf (1.22.0.0.2)
      ffi (~> 1.0)
    listen (3.9.0)
      rb-fsevent (~> 0.10, >= 0.10.3)
      rb-inotify (~> 0.9, >= 0.9.10)
    logger (1.6.5)
    lograge (0.14.0)
      actionpack (>= 4)
      activesupport (>= 4)
      railties (>= 4)
      request_store (~> 1.0)
    loofah (2.22.0)
      crass (~> 1.0.2)
      nokogiri (>= 1.12.0)
    mail (2.8.1)
      mini_mime (>= 0.1.1)
      net-imap
      net-pop
      net-smtp
    makara (0.5.1)
      activerecord (>= 5.2.0)
    mandrill_mailer (1.8.0)
      actionpack
      activejob
      activesupport
      mandrillus (~> 2.0.0)
    mandrillus (2.0.0)
      excon (>= 0.16.0, < 1.0)
      json (>= 1.7.7, < 3.0)
    marcel (1.0.4)
    matrix (0.4.2)
    mime-types (3.6.0)
      logger
      mime-types-data (~> 3.2015)
    mime-types-data (3.2024.1203)
    mimemagic (0.4.3)
      nokogiri (~> 1)
      rake
    mini_magick (4.13.2)
    mini_mime (1.1.5)
    mini_portile2 (2.8.7)
    minitest (5.25.4)
    mongo (2.20.0)
      bson (>= 4.14.1, < 6.0.0)
    mongoid (8.1.4)
      activemodel (>= 5.1, < 7.2, != 7.0.0)
      concurrent-ruby (>= 1.0.5, < 2.0)
      mongo (>= 2.18.0, < 3.0.0)
      ruby2_keywords (~> 0.0.5)
    msgpack (1.8.0)
    multi_json (1.15.0)
    multipart-post (2.4.1)
    mustermann (3.0.0)
      ruby2_keywords (~> 0.0.1)
    mustermann-grape (1.0.2)
      mustermann (>= 1.0.0)
    mutex_m (0.3.0)
    net-http (0.6.0)
      uri
    net-imap (0.4.11)
      date
      net-protocol
    net-pop (0.1.2)
      net-protocol
    net-protocol (0.2.2)
      timeout
    net-smtp (0.5.0)
      net-protocol
    netrc (0.11.0)
    nio4r (2.7.0)
    nokogiri (1.16.2)
      mini_portile2 (~> 2.8.2)
      racc (~> 1.4)
    observer (0.1.2)
    openssl (3.2.0)
    os (1.1.4)
    pagy (8.6.2)
    parallel (1.25.1)
    parser (3.3.1.0)
      ast (~> 2.4.1)
      racc
    pdf-core (0.9.0)
    pdf-reader (2.12.0)
      Ascii85 (~> 1.0)
      afm (~> 0.2.1)
      hashery (~> 2.0)
      ruby-rc4
      ttfunk
    pg (1.5.4)
    pkg-config (1.5.6)
    prawn (2.4.0)
      pdf-core (~> 0.9.0)
      ttfunk (~> 1.7)
    prawn-qrcode (0.5.2)
      prawn (>= 1)
      rqrcode (>= 1.0.0)
    psych (5.2.6)
      date
      stringio
    public_suffix (6.0.1)
    puma (6.4.2)
      nio4r (~> 2.0)
    raabro (1.4.0)
    racc (1.7.3)
    racecar (2.10.0)
      king_konf (~> 1.0.0)
      rdkafka (~> 0.13.0)
    rack (3.1.8)
    rack-accept (0.4.5)
      rack (>= 0.4)
    rack-protection (4.0.0)
      base64 (>= 0.1.0)
      rack (>= 3.0.0, < 4)
    rack-session (2.0.0)
      rack (>= 3.0.0)
    rack-test (2.1.0)
      rack (>= 1.3)
    rackup (2.1.0)
      rack (>= 3)
      webrick (~> 1.8)
    rails (7.1.3)
      actioncable (= 7.1.3)
      actionmailbox (= 7.1.3)
      actionmailer (= 7.1.3)
      actionpack (= 7.1.3)
      actiontext (= 7.1.3)
      actionview (= 7.1.3)
      activejob (= 7.1.3)
      activemodel (= 7.1.3)
      activerecord (= 7.1.3)
      activestorage (= 7.1.3)
      activesupport (= 7.1.3)
      bundler (>= 1.15.0)
      railties (= 7.1.3)
    rails-controller-testing (1.0.5)
      actionpack (>= 5.0.1.rc1)
      actionview (>= 5.0.1.rc1)
      activesupport (>= 5.0.1.rc1)
    rails-dom-testing (2.2.0)
      activesupport (>= 5.0.0)
      minitest
      nokogiri (>= 1.6)
    rails-html-sanitizer (1.6.0)
      loofah (~> 2.21)
      nokogiri (~> 1.14)
    railties (7.1.3)
      actionpack (= 7.1.3)
      activesupport (= 7.1.3)
      irb
      rackup (>= 1.0.0)
      rake (>= 12.2)
      thor (~> 1.0, >= 1.2.2)
      zeitwerk (~> 2.6)
    rainbow (3.1.1)
    rake (13.3.0)
    rb-fsevent (0.11.2)
    rb-inotify (0.10.1)
      ffi (~> 1.0)
    rbtree (0.4.6)
    rdkafka (0.13.0)
      ffi (~> 1.15)
      mini_portile2 (~> 2.6)
      rake (> 12)
    rdoc (6.6.3.1)
      psych (>= 4.0.0)
    redis (5.2.0)
      redis-client (>= 0.22.0)
    redis-actionpack (5.4.0)
      actionpack (>= 5, < 8)
      redis-rack (>= 2.1.0, < 4)
      redis-store (>= 1.1.0, < 2)
    redis-activesupport (5.3.0)
      activesupport (>= 3, < 8)
      redis-store (>= 1.3, < 2)
    redis-client (0.23.0)
      connection_pool
    redis-namespace (1.11.0)
      redis (>= 4)
    redis-rack (3.0.0)
      rack-session (>= 0.2.0)
      redis-store (>= 1.2, < 2)
    redis-rails (5.0.2)
      redis-actionpack (>= 5.0, < 6)
      redis-activesupport (>= 5.0, < 6)
      redis-store (>= 1.2, < 2)
    redis-store (1.10.0)
      redis (>= 4, < 6)
    regexp_parser (2.9.2)
    reline (0.5.7)
      io-console (~> 0.5)
    request_store (1.7.0)
      rack (>= 1.4)
    rest-client (2.1.0)
      http-accept (>= 1.7.0, < 2.0)
      http-cookie (>= 1.0.2, < 2.0)
      mime-types (>= 1.16, < 4.0)
      netrc (~> 0.8)
    rexml (3.3.9)
    rmagick (5.4.3)
      observer (~> 0.1)
      pkg-config (~> 1.4)
    rollbar (3.5.2)
    rqrcode (2.2.0)
      chunky_png (~> 1.0)
      rqrcode_core (~> 1.0)
    rqrcode_core (1.2.0)
    rspec-core (3.13.0)
      rspec-support (~> 3.13.0)
    rspec-expectations (3.13.0)
      diff-lcs (>= 1.2.0, < 2.0)
      rspec-support (~> 3.13.0)
    rspec-mocks (3.13.1)
      diff-lcs (>= 1.2.0, < 2.0)
      rspec-support (~> 3.13.0)
    rspec-rails (6.1.1)
      actionpack (>= 6.1)
      activesupport (>= 6.1)
      railties (>= 6.1)
      rspec-core (~> 3.12)
      rspec-expectations (~> 3.12)
      rspec-mocks (~> 3.12)
      rspec-support (~> 3.12)
    rspec-support (3.13.1)
    rubocop (1.60.2)
      json (~> 2.3)
      language_server-protocol (>= 3.17.0)
      parallel (~> 1.10)
      parser (>= 3.3.0.2)
      rainbow (>= 2.2.2, < 4.0)
      regexp_parser (>= 1.8, < 3.0)
      rexml (>= 3.2.5, < 4.0)
      rubocop-ast (>= 1.30.0, < 2.0)
      ruby-progressbar (~> 1.7)
      unicode-display_width (>= 2.4.0, < 3.0)
    rubocop-ast (1.31.3)
      parser (>= 3.3.1.0)
    rubocop-minitest (0.34.5)
      rubocop (>= 1.39, < 2.0)
      rubocop-ast (>= 1.30.0, < 2.0)
    rubocop-performance (1.20.2)
      rubocop (>= 1.48.1, < 2.0)
      rubocop-ast (>= 1.30.0, < 2.0)
    rubocop-rails (2.23.1)
      activesupport (>= 4.2.0)
      rack (>= 1.1)
      rubocop (>= 1.33.0, < 2.0)
      rubocop-ast (>= 1.30.0, < 2.0)
    rubocop-rails-omakase (1.0.0)
      rubocop
      rubocop-minitest
      rubocop-performance
      rubocop-rails
    ruby-kafka (1.5.0)
      digest-crc
    ruby-progressbar (1.13.0)
    ruby-rc4 (0.1.5)
    ruby2_keywords (0.0.5)
    rubyzip (2.3.2)
    rufus-scheduler (3.9.1)
      fugit (~> 1.1, >= 1.1.6)
    sass-rails (6.0.0)
      sassc-rails (~> 2.1, >= 2.1.1)
    sassc (2.4.0)
      ffi (~> 1.9)
    sassc-rails (2.1.2)
      railties (>= 4.0.0)
      sassc (>= 2.0)
      sprockets (> 3.0)
      sprockets-rails
      tilt
    selenium-webdriver (4.10.0)
      rexml (~> 3.2, >= 3.2.5)
      rubyzip (>= 1.2.2, < 3.0)
      websocket (~> 1.0)
    sentry-rails (5.16.1)
      railties (>= 5.0)
      sentry-ruby (~> 5.16.1)
    sentry-ruby (5.16.1)
      concurrent-ruby (~> 1.0, >= 1.0.2)
    sidekiq (7.3.7)
      connection_pool (>= 2.3.0)
      logger
      rack (>= 2.2.4)
      redis-client (>= 0.22.2)
    sidekiq-delay_extensions (7.1.0)
      sidekiq (>= 7.0)
    sidekiq-unique-jobs (8.0.10)
      concurrent-ruby (~> 1.0, >= 1.0.5)
      sidekiq (>= 7.0.0, < 8.0.0)
      thor (>= 1.0, < 3.0)
    signet (0.19.0)
      addressable (~> 2.8)
      faraday (>= 0.17.5, < 3.a)
      jwt (>= 1.5, < 3.0)
      multi_json (~> 1.10)
    simplecov (0.22.0)
      docile (~> 1.1)
      simplecov-html (~> 0.11)
      simplecov_json_formatter (~> 0.1)
    simplecov-html (0.12.3)
    simplecov_json_formatter (0.1.4)
    sinatra (4.0.0)
      mustermann (~> 3.0)
      rack (>= 3.0.0, < 4)
      rack-protection (= 4.0.0)
      rack-session (>= 2.0.0, < 3)
      tilt (~> 2.0)
    spring (4.2.1)
    spring-watcher-listen (2.1.0)
      listen (>= 2.7, < 4.0)
      spring (>= 4)
    sprockets (4.2.1)
      concurrent-ruby (~> 1.0)
      rack (>= 2.2.4, < 4)
    sprockets-rails (3.4.2)
      actionpack (>= 5.2)
      activesupport (>= 5.2)
      sprockets (>= 3.0.0)
    stackprof (0.2.26)
    stringio (3.1.7)
    telegram-bot-ruby (2.0.0)
      dry-struct (~> 1.6)
      faraday (~> 2.0)
      faraday-multipart (~> 1.0)
      zeitwerk (~> 2.6)
    thor (1.3.1)
    tilt (2.4.0)
    timeout (0.4.1)
    ttfunk (1.7.0)
    turbolinks (5.2.1)
      turbolinks-source (~> 5.2)
    turbolinks-source (5.2.0)
    tzinfo (2.0.6)
      concurrent-ruby (~> 1.0)
    tzinfo-data (1.2024.1)
      tzinfo (>= 1.0.0)
    unicode-display_width (2.5.0)
    uri (1.0.2)
    url_safe_base64 (0.2.2)
    web-console (4.2.1)
      actionview (>= 6.0.0)
      activemodel (>= 6.0.0)
      bindex (>= 0.4.0)
      railties (>= 6.0.0)
    webdrivers (5.3.1)
      nokogiri (~> 1.6)
      rubyzip (>= 1.3.0)
      selenium-webdriver (~> 4.0, < 4.11)
    webrick (1.8.1)
    websocket (1.2.10)
    websocket-driver (0.7.6)
      websocket-extensions (>= 0.1.0)
    websocket-extensions (0.1.5)
    wicked_pdf (2.7.0)
      activesupport
    wkhtmltoimage-binary (0.12.4)
    wkhtmltopdf-binary (0.12.4)
    xpath (3.2.0)
      nokogiri (~> 1.8)
    zeitwerk (2.6.16)

PLATFORMS
  ruby

DEPENDENCIES
  MailchimpTransactional
  acts_as_paranoid
  aes-everywhere
  api-pagination
  barby
  benchmark-ips
  bootsnap
  byebug
  capybara
  caxlsx
  daemons
  database_cleaner-active_record
  datadog
  dcidev_utility
  delayed_job_active_record
  delayed_job_web
  distribute_reads
  dotenv-rails
  factory_bot_rails
  google-cloud-firestore
  grape (~> 2)
  grape-entity
  grape-middleware-logger
  grape-swagger
  grape-swagger-rails
  grape_logging
  hashie-forbidden_attributes
  hexapdf
  hiredis
  hiredis-client
  i18n
  image_size
  imgkit
  jbuilder
  json
  jwt
  kaminari
  kaminari-mongoid
  listen
  lograge
  mandrill_mailer
  matrix
  mimemagic
  mini_magick
  mongoid
  net-http
  net-imap
  net-smtp
  pagy
  pdf-reader
  pg (~> 1)
  prawn
  prawn-qrcode
  puma (~> 6)
  racecar
  rails (~> 7)
  rails-controller-testing
  redis-namespace
  redis-rails
  rest-client
  rmagick
  rollbar
  rqrcode
  rspec-rails
  rubocop-rails-omakase
  ruby-kafka
  rubyzip
  rufus-scheduler
  sass-rails
  selenium-webdriver
  sentry-rails
  sentry-ruby
  sidekiq (~> 7)
  sidekiq-delay_extensions
  sidekiq-unique-jobs
  simplecov
  spring
  spring-watcher-listen
  stackprof
  telegram-bot-ruby
  turbolinks
  tzinfo-data
  uri
  url_safe_base64
  web-console
  webdrivers
  wicked_pdf
  wkhtmltoimage-binary (= 0.12.4)
  wkhtmltopdf-binary (= 0.12.4)

RUBY VERSION
   ruby 3.4.3p32

BUNDLED WITH
   2.6.7
